PATH
  remote: .
  specs:
    nesta-plugin-taggr (0.0.1)

GEM
  remote: http://rubygems.org/
  specs:

PLATFORMS
  ruby

DEPENDENCIES
  nesta-plugin-taggr!
